RESTRICTION: >= net40
NUGET
  remote: https://www.nuget.org/api/v2
    Argu (3.2)
    BenchmarkDotNet (0.10.2)
      BenchmarkDotNet.Toolchains.Roslyn (>= 0.10.2) - restriction: >= net45
    BenchmarkDotNet.Core (0.10.2) - restriction: >= net45
      System.Threading.Tasks.Extensions (>= 4.0) - restriction: >= net45
    BenchmarkDotNet.Toolchains.Roslyn (0.10.2) - restriction: >= net45
      BenchmarkDotNet.Core (>= 0.10.2) - restriction: >= net45
      Microsoft.CodeAnalysis.CSharp (>= 1.3.2) - restriction: >= net45
      System.Threading.Tasks (>= 4.0) - restriction: >= net45
    Chessie (0.6)
      FSharp.Core  - restriction: && (>= net40) (< netstandard1.6)
      FSharp.Core (>= 4.0.1.7-alpha) - restriction: && (>= net40) (>= netstandard1.6)
      NETStandard.Library (>= 1.6) - restriction: && (>= net40) (>= netstandard1.6)
    Expecto (3.2.1)
      Argu (>= 3.2)
      FSharp.Core (>= 3.1.2.5)
      Mono.Cecil (>= 0.9.6.4)
    Expecto.BenchmarkDotNet (3.2.1)
      BenchmarkDotNet (>= 0.9.9)
      Expecto (>= 3.2.1)
      FSharp.Core (>= 3.1.2.5)
    Expecto.FsCheck (3.2.1)
      Expecto (>= 3.2.1)
      FsCheck (>= 2.6.2)
      FSharp.Core (>= 3.1.2.5)
    FsCheck (2.7)
      FSharp.Core (>= 3.1.2.5)
    FSharp.Core (4.2.3)
    Microsoft.CodeAnalysis.Analyzers (1.1) - restriction: >= net45
    Microsoft.CodeAnalysis.Common (1.3.2) - restriction: >= net45
      Microsoft.CodeAnalysis.Analyzers (>= 1.1) - restriction: && (>= net40) (>= portable-net45+win8)
      System.AppContext (>= 4.1) - restriction: && (>= net40) (>= netstandard1.3)
      System.Collections (>= 4.0.11) - restriction: && (>= net40) (>= netstandard1.3)
      System.Collections.Concurrent (>= 4.0.12) - restriction: && (>= net40) (>= netstandard1.3)
      System.Collections.Immutable (>= 1.1.37) - restriction: && (>= net40) (< netstandard1.3) (>= portable-net45+win8)
      System.Collections.Immutable (>= 1.2) - restriction: && (>= net40) (>= netstandard1.3)
      System.Console (>= 4.0) - restriction: && (>= net40) (>= netstandard1.3)
      System.Diagnostics.Debug (>= 4.0.11) - restriction: && (>= net40) (>= netstandard1.3)
      System.Diagnostics.FileVersionInfo (>= 4.0) - restriction: && (>= net40) (>= netstandard1.3)
      System.Diagnostics.StackTrace (>= 4.0.1) - restriction: && (>= net40) (>= netstandard1.3)
      System.Diagnostics.Tools (>= 4.0.1) - restriction: && (>= net40) (>= netstandard1.3)
      System.Dynamic.Runtime (>= 4.0.11) - restriction: && (>= net40) (>= netstandard1.3)
      System.Globalization (>= 4.0.11) - restriction: && (>= net40) (>= netstandard1.3)
      System.IO.FileSystem (>= 4.0.1) - restriction: && (>= net40) (>= netstandard1.3)
      System.IO.FileSystem.Primitives (>= 4.0.1) - restriction: && (>= net40) (>= netstandard1.3)
      System.Linq (>= 4.1) - restriction: && (>= net40) (>= netstandard1.3)
      System.Linq.Expressions (>= 4.1) - restriction: && (>= net40) (>= netstandard1.3)
      System.Reflection (>= 4.1) - restriction: && (>= net40) (>= netstandard1.3)
      System.Reflection.Metadata (>= 1.2) - restriction: && (>= net40) (< netstandard1.3) (>= portable-net45+win8)
      System.Reflection.Metadata (>= 1.3) - restriction: && (>= net40) (>= netstandard1.3)
      System.Reflection.Primitives (>= 4.0.1) - restriction: && (>= net40) (>= netstandard1.3)
      System.Resources.ResourceManager (>= 4.0.1) - restriction: && (>= net40) (>= netstandard1.3)
      System.Runtime (>= 4.1) - restriction: && (>= net40) (>= netstandard1.3)
      System.Runtime.Extensions (>= 4.1) - restriction: && (>= net40) (>= netstandard1.3)
      System.Runtime.Handles (>= 4.0.1) - restriction: && (>= net40) (>= netstandard1.3)
      System.Runtime.InteropServices (>= 4.1) - restriction: && (>= net40) (>= netstandard1.3)
      System.Runtime.Numerics (>= 4.0.1) - restriction: && (>= net40) (>= netstandard1.3)
      System.Security.Cryptography.Algorithms (>= 4.2) - restriction: && (>= net40) (>= netstandard1.3)
      System.Security.Cryptography.Encoding (>= 4.0) - restriction: && (>= net40) (>= netstandard1.3)
      System.Security.Cryptography.X509Certificates (>= 4.1) - restriction: && (>= net40) (>= netstandard1.3)
      System.Text.Encoding (>= 4.0.11) - restriction: && (>= net40) (>= netstandard1.3)
      System.Text.Encoding.CodePages (>= 4.0.1) - restriction: && (>= net40) (>= netstandard1.3)
      System.Text.Encoding.Extensions (>= 4.0.11) - restriction: && (>= net40) (>= netstandard1.3)
      System.Threading (>= 4.0.11) - restriction: && (>= net40) (>= netstandard1.3)
      System.Threading.Tasks (>= 4.0.11) - restriction: && (>= net40) (>= netstandard1.3)
      System.Threading.Tasks.Parallel (>= 4.0.1) - restriction: && (>= net40) (>= netstandard1.3)
      System.Threading.Thread (>= 4.0) - restriction: && (>= net40) (>= netstandard1.3)
      System.Xml.ReaderWriter (>= 4.0.11) - restriction: && (>= net40) (>= netstandard1.3)
      System.Xml.XDocument (>= 4.0.11) - restriction: && (>= net40) (>= netstandard1.3)
      System.Xml.XmlDocument (>= 4.0.1) - restriction: && (>= net40) (>= netstandard1.3)
      System.Xml.XPath.XDocument (>= 4.0.1) - restriction: && (>= net40) (>= netstandard1.3)
    Microsoft.CodeAnalysis.CSharp (1.3.2) - restriction: >= net45
      Microsoft.CodeAnalysis.Common (1.3.2)
    Microsoft.NETCore.Platforms (2.0.1) - restriction: || (&& (>= monotouch) (>= net40)) (&& (>= net40) (< net45) (< netstandard1.3) (>= netstandard1.6)) (&& (>= net40) (< net45) (< netstandard1.4) (>= netstandard1.6)) (&& (>= net40) (< net45) (< netstandard1.5) (>= netstandard1.6)) (&& (>= net40) (< net45) (>= netstandard1.6) (< netstandard2.0)) (&& (>= net40) (< net45) (>= netstandard1.6) (< portable-net451+win81+wpa81)) (&& (>= net40) (< net45) (>= netstandard2.0)) (&& (>= net40) (>= netcoreapp2.0)) (&& (>= net40) (< netstandard1.0) (>= netstandard1.6)) (&& (>= net40) (< netstandard1.3) (>= netstandard1.6) (>= wpa81)) (&& (>= net40) (>= netstandard1.6) (< portable-net45+win8+wpa81)) (&& (>= net40) (>= netstandard1.6) (>= uap10.0)) (&& (>= net40) (>= xamarinios)) (&& (>= net40) (>= xamarinmac)) (&& (>= net40) (>= xamarintvos)) (&& (>= net40) (>= xamarinwatchos)) (&& (>= net45) (>= netstandard1.6) (< portable-net451+win81+wpa81)) (&& (>= net451) (< netstandard1.3) (>= netstandard1.6)) (&& (>= net46) (< netstandard1.4) (>= netstandard1.6)) (&& (>= net461) (>= netstandard1.6))
    Mono.Cecil (0.9.6.4)
    NETStandard.Library (2.0.1) - restriction: && (>= net40) (>= netstandard1.6)
      Microsoft.NETCore.Platforms (>= 1.1) - restriction: || (&& (>= monoandroid) (>= net40) (< netstandard1.0)) (&& (>= monotouch) (>= net40)) (&& (>= net40) (< net45) (>= netstandard1.1) (< portable-net451+win81+wpa81)) (&& (>= net40) (< net45) (>= netstandard1.2) (< netstandard1.3)) (&& (>= net40) (< net45) (>= netstandard1.3) (< netstandard1.4)) (&& (>= net40) (< net45) (>= netstandard1.4) (< netstandard1.5)) (&& (>= net40) (< net45) (>= netstandard1.5) (< netstandard1.6)) (&& (>= net40) (< net45) (>= netstandard1.6) (< netstandard2.0)) (&& (>= net40) (< net45) (>= netstandard2.0)) (&& (>= net40) (>= netcoreapp2.0)) (&& (>= net40) (>= netstandard1.0) (< portable-net45+win8+wpa81)) (&& (>= net40) (< netstandard1.0) (>= portable-net45+win8+wp8+wpa81) (< portable-net45+win8+wpa81)) (&& (>= net40) (< netstandard1.0) (>= portable-net45+win8+wpa81) (< portable-net451+win81+wpa81)) (&& (>= net40) (< netstandard1.0) (>= portable-net451+win81+wpa81)) (&& (>= net40) (< netstandard1.3) (>= wpa81)) (&& (>= net40) (>= uap10.0)) (&& (>= net40) (>= xamarinios)) (&& (>= net40) (>= xamarinmac)) (&& (>= net40) (>= xamarintvos)) (&& (>= net40) (>= xamarinwatchos)) (&& (>= net45) (< portable-net451+win81+wpa81)) (&& (>= net451) (< netstandard1.3)) (&& (>= net46) (< netstandard1.4)) (>= net461)
    Newtonsoft.Json (9.0.1)
    Suave (2.2.1)
      FSharp.Core (>= 4.0.0.1) - restriction: && (>= net40) (< netstandard1.6)
      FSharp.Core (>= 4.1.17) - restriction: && (>= net40) (>= netstandard1.6)
      NETStandard.Library (>= 1.6.1) - restriction: && (>= net40) (>= netstandard1.6)
      System.Data.Common (>= 4.1) - restriction: && (>= net40) (>= netstandard1.6)
      System.Diagnostics.Process (>= 4.1) - restriction: && (>= net40) (>= netstandard1.6)
      System.Globalization.Extensions (>= 4.3) - restriction: && (>= net40) (>= netstandard1.6)
      System.Net.Security (>= 4.0) - restriction: && (>= net40) (>= netstandard1.6)
      System.Runtime.Serialization.Json (>= 4.0.2) - restriction: && (>= net40) (>= netstandard1.6)
      System.Security.Claims (>= 4.0.1) - restriction: && (>= net40) (>= netstandard1.6)
      System.Security.Cryptography.Primitives (>= 4.3) - restriction: && (>= net40) (>= netstandard1.6)
    System.AppContext (4.3) - restriction: && (>= net45) (>= netstandard1.3)
    System.Collections (4.3) - restriction: && (>= net45) (>= netstandard1.3)
    System.Collections.Concurrent (4.3) - restriction: && (>= net45) (>= netstandard1.3)
    System.Collections.Immutable (1.3.1) - restriction: >= net45
    System.Console (4.3) - restriction: && (>= net45) (>= netstandard1.3)
    System.Data.Common (4.3) - restriction: && (>= net40) (>= netstandard1.6)
    System.Diagnostics.Debug (4.3) - restriction: && (>= net45) (>= netstandard1.3)
    System.Diagnostics.FileVersionInfo (4.3) - restriction: && (>= net45) (>= netstandard1.3)
    System.Diagnostics.Process (4.3) - restriction: && (>= net40) (>= netstandard1.6)
    System.Diagnostics.StackTrace (4.3) - restriction: && (>= net45) (>= netstandard1.3)
    System.Diagnostics.Tools (4.3) - restriction: && (>= net45) (>= netstandard1.3)
    System.Dynamic.Runtime (4.3) - restriction: && (>= net45) (>= netstandard1.3)
    System.Globalization (4.3) - restriction: && (>= net45) (>= netstandard1.3)
    System.Globalization.Extensions (4.3) - restriction: && (>= net40) (>= netstandard1.6)
    System.IO (4.3) - restriction: || (&& (>= net40) (< net46) (>= netstandard1.6)) (&& (>= net40) (< netstandard1.3) (>= netstandard1.6)) (&& (>= net45) (< net46) (>= netstandard1.3) (< netstandard1.4)) (&& (>= net45) (< net46) (>= netstandard1.4) (< netstandard1.6)) (&& (>= net45) (< net46) (>= netstandard1.6)) (&& (>= net46) (< netstandard1.3) (>= netstandard1.6)) (&& (< net46) (>= net461) (>= netstandard1.6)) (&& (>= net461) (< netstandard1.3) (>= netstandard1.6)) (>= net463)
    System.IO.FileSystem (4.3) - restriction: && (>= net45) (>= netstandard1.3)
      System.IO.FileSystem.Primitives (>= 4.3) - restriction: || (&& (>= net40) (>= netstandard1.3)) (>= net46)
    System.IO.FileSystem.Primitives (4.3) - restriction: || (&& (>= net45) (>= netstandard1.3)) (>= net46)
    System.Linq (4.3) - restriction: && (>= net45) (>= netstandard1.3)
    System.Linq.Expressions (4.3) - restriction: && (>= net45) (>= netstandard1.3)
    System.Net.Security (4.3.2) - restriction: && (>= net40) (>= netstandard1.6)
      System.Security.Cryptography.X509Certificates (>= 4.3) - restriction: || (&& (>= net40) (>= netstandard1.3) (< netstandard1.6)) (&& (>= net40) (>= netstandard1.6)) (>= net46)
    System.Reflection (4.3) - restriction: && (>= net45) (>= netstandard1.3)
    System.Reflection.Metadata (1.4.2) - restriction: >= net45
      System.Collections.Immutable (>= 1.3.1) - restriction: || (&& (>= monoandroid) (>= net40) (< netstandard1.1)) (&& (>= monotouch) (>= net40)) (&& (>= net40) (>= netstandard1.1)) (&& (>= net40) (< netstandard1.1) (>= win8)) (&& (>= net40) (>= wpa81)) (&& (>= net40) (>= xamarinios)) (&& (>= net40) (>= xamarinmac)) (&& (>= net40) (>= xamarintvos)) (&& (>= net40) (>= xamarinwatchos)) (>= net45)
    System.Reflection.Primitives (4.3) - restriction: && (>= net45) (>= netstandard1.3)
    System.Resources.ResourceManager (4.3) - restriction: && (>= net45) (>= netstandard1.3)
    System.Runtime (4.3) - restriction: || (&& (>= net40) (< net46) (>= netstandard1.6)) (&& (>= net40) (< netstandard1.3) (>= netstandard1.6)) (&& (>= net45) (< net46) (>= netstandard1.4) (< netstandard1.6)) (&& (>= net45) (< net46) (>= netstandard1.6)) (&& (>= net45) (>= netcoreapp1.1)) (&& (>= net45) (>= netstandard1.3)) (&& (>= net46) (< netstandard1.3) (>= netstandard1.6)) (&& (< net46) (>= net461) (>= netstandard1.6)) (&& (>= net461) (< netstandard1.3) (>= netstandard1.6)) (>= net462) (&& (>= net463) (>= netstandard1.6))
    System.Runtime.Extensions (4.3) - restriction: && (>= net45) (>= netstandard1.3)
    System.Runtime.Handles (4.3) - restriction: && (>= net45) (>= netstandard1.3)
    System.Runtime.InteropServices (4.3) - restriction: && (>= net45) (>= netstandard1.3)
      System.Runtime (>= 4.3) - restriction: || (&& (>= net40) (< net45) (>= netstandard1.1) (< netstandard1.2)) (&& (>= net40) (< net45) (>= netstandard1.2) (< netstandard1.3)) (&& (>= net40) (< net45) (>= netstandard1.3) (< netstandard1.5)) (&& (>= net40) (< net45) (>= netstandard1.5)) (&& (>= net40) (>= netcoreapp1.1)) (&& (>= net40) (< portable-net45+win8+wpa81)) (>= net462)
    System.Runtime.Numerics (4.3) - restriction: && (>= net45) (>= netstandard1.3)
    System.Runtime.Serialization.Json (4.3) - restriction: && (>= net40) (>= netstandard1.6)
    System.Security.Claims (4.3) - restriction: && (>= net40) (>= netstandard1.6)
    System.Security.Cryptography.Algorithms (4.3) - restriction: || (&& (>= net40) (< net46) (>= netstandard1.6)) (&& (>= net40) (< netstandard1.3) (>= netstandard1.6)) (&& (>= net45) (< net46) (>= netstandard1.4) (< netstandard1.6)) (&& (>= net45) (< net46) (>= netstandard1.6)) (&& (>= net45) (>= netstandard1.3)) (&& (>= net46) (< netstandard1.3) (>= netstandard1.6)) (&& (>= net46) (< netstandard1.4)) (>= net461)
      System.IO (>= 4.3) - restriction: || (&& (>= net40) (< net46) (>= netstandard1.3) (< netstandard1.4)) (&& (>= net40) (< net46) (>= netstandard1.4) (< netstandard1.6)) (&& (>= net40) (< net46) (>= netstandard1.6)) (&& (>= net40) (< netstandard1.3)) (>= net463)
      System.Runtime (>= 4.3) - restriction: || (&& (>= net40) (< net46) (>= netstandard1.3) (< netstandard1.4)) (&& (>= net40) (< net46) (>= netstandard1.4) (< netstandard1.6)) (&& (>= net40) (< net46) (>= netstandard1.6)) (&& (>= net40) (< netstandard1.3)) (>= net463)
      System.Security.Cryptography.Encoding (>= 4.3) - restriction: || (&& (>= net40) (< net46) (>= netstandard1.6)) (&& (>= net40) (< netstandard1.3)) (>= net463)
      System.Security.Cryptography.Primitives (>= 4.3)
    System.Security.Cryptography.Encoding (4.3) - restriction: || (&& (>= net40) (< net46) (>= netstandard1.6)) (&& (>= net40) (< netstandard1.3) (>= netstandard1.6)) (&& (>= net45) (< net46) (>= netstandard1.4) (< netstandard1.6)) (&& (>= net45) (< net46) (>= netstandard1.6)) (&& (>= net45) (>= netstandard1.3)) (&& (>= net46) (< netstandard1.3) (>= netstandard1.6)) (&& (>= net46) (< netstandard1.4)) (>= net461)
    System.Security.Cryptography.Primitives (4.3) - restriction: || (&& (>= net40) (>= netstandard1.6)) (&& (>= net45) (< net46) (>= netstandard1.3) (< netstandard1.4)) (&& (>= net45) (< net46) (>= netstandard1.4) (< netstandard1.6)) (&& (>= net45) (< net46) (>= netstandard1.6)) (&& (>= net46) (< netstandard1.3) (>= netstandard1.6)) (&& (>= net46) (< netstandard1.4)) (&& (< net46) (>= net461) (>= netstandard1.6)) (&& (>= net461) (< netstandard1.3) (>= netstandard1.6)) (&& (>= net461) (< netstandard1.4) (>= netstandard1.6)) (&& (>= net461) (< netstandard1.6)) (>= net463)
    System.Security.Cryptography.X509Certificates (4.3) - restriction: || (&& (>= net40) (>= netstandard1.6)) (&& (>= net45) (>= netstandard1.3)) (&& (>= net46) (>= netstandard1.6))
      System.Security.Cryptography.Algorithms (>= 4.3)
      System.Security.Cryptography.Encoding (>= 4.3)
    System.Text.Encoding (4.3) - restriction: && (>= net45) (>= netstandard1.3)
    System.Text.Encoding.CodePages (4.3) - restriction: && (>= net45) (>= netstandard1.3)
    System.Text.Encoding.Extensions (4.3) - restriction: && (>= net45) (>= netstandard1.3)
    System.Threading (4.3) - restriction: && (>= net45) (>= netstandard1.3)
    System.Threading.Tasks (4.3) - restriction: >= net45
    System.Threading.Tasks.Extensions (4.3) - restriction: >= net45
    System.Threading.Tasks.Parallel (4.3) - restriction: && (>= net45) (>= netstandard1.3)
    System.Threading.Thread (4.3) - restriction: && (>= net45) (>= netstandard1.3)
    System.Xml.ReaderWriter (4.3) - restriction: && (>= net45) (>= netstandard1.3)
    System.Xml.XDocument (4.3) - restriction: && (>= net45) (>= netstandard1.3)
    System.Xml.XmlDocument (4.3) - restriction: && (>= net45) (>= netstandard1.3)
    System.Xml.XPath (4.3) - restriction: || (&& (>= net45) (>= netstandard1.3)) (>= net46)
    System.Xml.XPath.XDocument (4.3) - restriction: && (>= net45) (>= netstandard1.3)
      System.Xml.XPath (>= 4.3) - restriction: || (&& (>= net40) (>= netstandard1.3)) (>= net46)

GROUP Build
NUGET
  remote: https://www.nuget.org/api/v2
    FAKE (4.61.3)
    Microsoft.Bcl (1.1.10) - restriction: || (== net10) (== net11) (== net20) (== net30) (== net35) (== net40)
      Microsoft.Bcl.Build (>= 1.0.14)
    Microsoft.Bcl.Build (1.0.21) - import_targets: false, restriction: || (== net10) (== net11) (== net20) (== net30) (== net35) (== net40)
    Microsoft.Net.Http (2.2.29) - restriction: || (== net10) (== net11) (== net20) (== net30) (== net35) (== net40)
      Microsoft.Bcl (>= 1.1.10)
      Microsoft.Bcl.Build (>= 1.0.14)
    Octokit (0.24)
      Microsoft.Net.Http  - restriction: || (== net10) (== net11) (== net20) (== net30) (== net35) (== net40)
    SourceLink.Fake (1.1)
GITHUB
  remote: fsharp/FAKE
    modules/Octokit/Octokit.fsx (395ce583e1261e08848e9492ba42a5c1203511bc)
      Octokit (>= 0.20)