FRAMEWORK: >= NET40
NUGET
  remote: https://rfq-nuget-dev.wineur.itgeurope.com/nuget/nuget_org_cache
    Argu (3.2.0)
    BenchmarkDotNet (0.10.2)
      BenchmarkDotNet.Toolchains.Roslyn (>= 0.10.2) - framework: >= net45
    BenchmarkDotNet.Core (0.10.2) - framework: >= net45
      System.Threading.Tasks.Extensions (>= 4.0) - framework: >= net45
    BenchmarkDotNet.Toolchains.Roslyn (0.10.2) - framework: >= net45
      BenchmarkDotNet.Core (>= 0.10.2) - framework: >= net45
      Microsoft.CodeAnalysis.CSharp (>= 1.3.2) - framework: >= net45
      System.Threading.Tasks (>= 4.0) - framework: >= net45
    Chessie (0.6.0)
      FSharp.Core
    Expecto (3.2.1)
      Argu (>= 3.2)
      FSharp.Core (>= 3.1.2.5)
      Mono.Cecil (>= 0.9.6.4)
    Expecto.BenchmarkDotNet (3.2.1)
      BenchmarkDotNet (>= 0.9.9)
      Expecto (>= 3.2.1)
      FSharp.Core (>= 3.1.2.5)
    Expecto.FsCheck (3.2.1)
      Expecto (>= 3.2.1)
      FsCheck (>= 2.6.2)
      FSharp.Core (>= 3.1.2.5)
    FsCheck (2.7.0)
      FSharp.Core (>= 3.1.2.5)
    FSharp.Core (4.0.0.1)
    Microsoft.CodeAnalysis.Analyzers (1.1.0) - framework: >= net46
    Microsoft.CodeAnalysis.Common (1.3.2) - framework: >= net45
      Microsoft.CodeAnalysis.Analyzers (>= 1.1) - framework: >= net46
      System.AppContext (>= 4.1) - framework: >= net46
      System.Collections (>= 4.0.11) - framework: >= net46
      System.Collections.Concurrent (>= 4.0.12) - framework: >= net46
      System.Collections.Immutable (>= 1.2) - framework: >= net46
      System.Console (>= 4.0) - framework: >= net46
      System.Diagnostics.Debug (>= 4.0.11) - framework: >= net46
      System.Diagnostics.FileVersionInfo (>= 4.0) - framework: >= net46
      System.Diagnostics.StackTrace (>= 4.0.1) - framework: >= net46
      System.Diagnostics.Tools (>= 4.0.1) - framework: >= net46
      System.Dynamic.Runtime (>= 4.0.11) - framework: >= net46
      System.Globalization (>= 4.0.11) - framework: >= net46
      System.IO.FileSystem (>= 4.0.1) - framework: >= net46
      System.IO.FileSystem.Primitives (>= 4.0.1) - framework: >= net46
      System.Linq (>= 4.1) - framework: >= net46
      System.Linq.Expressions (>= 4.1) - framework: >= net46
      System.Reflection (>= 4.1) - framework: >= net46
      System.Reflection.Metadata (>= 1.3) - framework: >= net46
      System.Reflection.Primitives (>= 4.0.1) - framework: >= net46
      System.Resources.ResourceManager (>= 4.0.1) - framework: >= net46
      System.Runtime (>= 4.1) - framework: >= net46
      System.Runtime.Extensions (>= 4.1) - framework: >= net46
      System.Runtime.Handles (>= 4.0.1) - framework: >= net46
      System.Runtime.InteropServices (>= 4.1) - framework: >= net46
      System.Runtime.Numerics (>= 4.0.1) - framework: >= net46
      System.Security.Cryptography.Algorithms (>= 4.2) - framework: >= net46
      System.Security.Cryptography.Encoding (>= 4.0) - framework: >= net46
      System.Security.Cryptography.X509Certificates (>= 4.1) - framework: >= net46
      System.Text.Encoding (>= 4.0.11) - framework: >= net46
      System.Text.Encoding.CodePages (>= 4.0.1) - framework: >= net46
      System.Text.Encoding.Extensions (>= 4.0.11) - framework: >= net46
      System.Threading (>= 4.0.11) - framework: >= net46
      System.Threading.Tasks (>= 4.0.11) - framework: >= net46
      System.Threading.Tasks.Parallel (>= 4.0.1) - framework: >= net46
      System.Threading.Thread (>= 4.0) - framework: >= net46
      System.Xml.ReaderWriter (>= 4.0.11) - framework: >= net46
      System.Xml.XDocument (>= 4.0.11) - framework: >= net46
      System.Xml.XmlDocument (>= 4.0.1) - framework: >= net46
      System.Xml.XPath.XDocument (>= 4.0.1) - framework: >= net46
    Microsoft.CodeAnalysis.CSharp (1.3.2) - framework: >= net45
      Microsoft.CodeAnalysis.Common (1.3.2)
    Mono.Cecil (0.9.6.4)
    Newtonsoft.Json (9.0.1)
    RestSharp (105.2.3)
    Suave (2.0.2)
      FSharp.Core (>= 4.0.0.1)
    System.AppContext (4.3.0) - framework: >= net46
    System.Collections (4.3.0) - framework: >= net46
    System.Collections.Concurrent (4.3.0) - framework: >= net46
    System.Collections.Immutable (1.3.1)
    System.Console (4.3.0) - framework: >= net46
    System.Diagnostics.Debug (4.3.0) - framework: >= net46
    System.Diagnostics.FileVersionInfo (4.3.0) - framework: >= net46
    System.Diagnostics.StackTrace (4.3.0) - framework: >= net46
    System.Diagnostics.Tools (4.3.0) - framework: >= net46
    System.Dynamic.Runtime (4.3.0) - framework: >= net46
    System.Globalization (4.3.0) - framework: >= net46
    System.IO (4.3.0) - framework: >= net463
    System.IO.FileSystem (4.3.0) - framework: >= net46
      System.IO.FileSystem.Primitives (>= 4.3) - framework: >= net46
    System.IO.FileSystem.Primitives (4.3.0)
    System.Linq (4.3.0) - framework: >= net46
    System.Linq.Expressions (4.3.0) - framework: >= net46
    System.Reflection (4.3.0) - framework: >= net46
    System.Reflection.Metadata (1.4.2) - framework: >= net46
      System.Collections.Immutable (>= 1.3.1) - framework: >= net45
    System.Reflection.Primitives (4.3.0) - framework: >= net46
    System.Resources.ResourceManager (4.3.0) - framework: >= net46
    System.Runtime (4.3.0)
    System.Runtime.Extensions (4.3.0) - framework: >= net46
    System.Runtime.Handles (4.3.0) - framework: >= net46
    System.Runtime.InteropServices (4.3.0) - framework: >= net46
      System.Runtime (>= 4.3) - framework: >= net462
    System.Runtime.Numerics (4.3.0) - framework: >= net46
    System.Security.Cryptography.Algorithms (4.3.0)
      System.IO (>= 4.3) - framework: >= net463
      System.Runtime (>= 4.3) - framework: >= net463
      System.Security.Cryptography.Encoding (>= 4.3) - framework: >= net463
      System.Security.Cryptography.Primitives (>= 4.3) - framework: net46, net461, >= net463
    System.Security.Cryptography.Encoding (4.3.0)
    System.Security.Cryptography.Primitives (4.3.0) - framework: net46, net461, >= net463
    System.Security.Cryptography.X509Certificates (4.3.0) - framework: >= net46
      System.Security.Cryptography.Algorithms (>= 4.3) - framework: >= net46
      System.Security.Cryptography.Encoding (>= 4.3) - framework: >= net46
    System.Text.Encoding (4.3.0) - framework: >= net46
    System.Text.Encoding.CodePages (4.3.0) - framework: >= net46
    System.Text.Encoding.Extensions (4.3.0) - framework: >= net46
    System.Threading (4.3.0) - framework: >= net46
    System.Threading.Tasks (4.3.0)
    System.Threading.Tasks.Extensions (4.3.0) - framework: >= net45
    System.Threading.Tasks.Parallel (4.3.0) - framework: >= net46
    System.Threading.Thread (4.3.0) - framework: >= net46
    System.Xml.ReaderWriter (4.3.0) - framework: >= net46
    System.Xml.XDocument (4.3.0)
    System.Xml.XmlDocument (4.3.0) - framework: >= net46
    System.Xml.XPath (4.3.0) - framework: >= net46
    System.Xml.XPath.XDocument (4.3.0) - framework: >= net46
      System.Xml.XPath (>= 4.3) - framework: >= net46
